GEM
  remote: https://rubygems.org/
  specs:
    addressable (2.7.0)
      public_suffix (>= 2.0.2, < 5.0)
    backports (3.15.0)
    coderay (1.1.2)
    declarative (0.0.10)
    declarative-option (0.1.0)
    digest-crc (0.4.1)
    faraday (0.17.3)
      multipart-post (>= 1.2, < 3)
    ffi (1.11.3-java)
    google-api-client (0.36.3)
      addressable (~> 2.5, >= 2.5.1)
      googleauth (~> 0.9)
      httpclient (>= 2.8.1, < 3.0)
      mini_mime (~> 1.0)
      representable (~> 3.0)
      retriable (>= 2.0, < 4.0)
      signet (~> 0.12)
    google-cloud-core (1.4.1)
      google-cloud-env (~> 1.0)
    google-cloud-env (1.3.0)
      faraday (~> 0.11)
    google-cloud-storage (1.25.0)
      addressable (~> 2.5)
      digest-crc (~> 0.4)
      google-api-client (~> 0.33)
      google-cloud-core (~> 1.2)
      googleauth (~> 0.9)
      mini_mime (~> 1.0)
    googleauth (0.10.0)
      faraday (~> 0.12)
      jwt (>= 1.4, < 3.0)
      memoist (~> 0.16)
      multi_json (~> 1.11)
      os (>= 0.9, < 2.0)
      signet (~> 0.12)
    httpclient (2.8.3)
    jwt (2.2.1)
    memoist (0.16.2)
    method_source (0.9.2)
    mini_mime (1.0.2)
    multi_json (1.14.1)
    multipart-post (2.1.1)
    mustermann (1.1.0)
      ruby2_keywords (~> 0.0.1)
    nio4r (2.5.2)
    nio4r (2.5.2-java)
    os (1.0.1)
    pry (0.12.2)
      coderay (~> 1.1.0)
      method_source (~> 0.9.0)
    pry (0.12.2-java)
      coderay (~> 1.1.0)
      method_source (~> 0.9.0)
      spoon (~> 0.0)
    public_suffix (4.0.2)
    puma (4.3.5)
      nio4r (~> 2.0)
    puma (4.3.5-java)
      nio4r (~> 2.0)
    rack (2.0.8)
    rack-protection (2.0.8.1)
      rack
    representable (3.0.4)
      declarative (< 0.1.0)
      declarative-option (< 0.2.0)
      uber (< 0.2.0)
    retriable (3.1.2)
    ruby2_keywords (0.0.1)
    signet (0.12.0)
      addressable (~> 2.3)
      faraday (~> 0.9)
      jwt (>= 1.5, < 3.0)
      multi_json (~> 1.10)
    sinatra (2.0.8.1)
      mustermann (~> 1.0)
      rack (~> 2.0)
      rack-protection (= 2.0.8.1)
      tilt (~> 2.0)
    sinatra-contrib (2.0.8.1)
      backports (>= 2.8.2)
      multi_json
      mustermann (~> 1.0)
      rack-protection (= 2.0.8.1)
      sinatra (= 2.0.8.1)
      tilt (~> 2.0)
    spoon (0.0.6)
      ffi
    tilt (2.0.10)
    uber (0.1.0)

PLATFORMS
  java
  ruby

DEPENDENCIES
  bundler (~> 2.1.2)
  google-cloud-storage
  pry
  puma
  sinatra
  sinatra-contrib

RUBY VERSION
   ruby 2.5.7p0 (jruby 9.2.9.0)

BUNDLED WITH
   2.1.2
